GEM
  remote: https://rubygems.org/
  specs:
    minitest (5.6.0)

PLATFORMS
  ruby

DEPENDENCIES
  minitest
